GEM
  remote: https://rubygems.org/
  specs:
    awesome_print (1.9.2)

PLATFORMS
  x86_64-darwin-21

DEPENDENCIES
  awesome_print

BUNDLED WITH
   2.2.33
